GEM
  remote: https://rubygems.org/
  specs:
    addressable (2.3.8)
    byebug (8.2.5)
    config_env (0.1.2)
    faraday (0.9.1)
      multipart-post (>= 1.2, < 3)
    koala (2.0.0)
      addressable
      faraday
      multi_json
    multi_json (1.11.0)
    multipart-post (2.0.0)
    rack (1.6.0)
    rack-protection (1.5.3)
      rack
    rake (11.1.2)
    shotgun (0.9.1)
      rack (>= 1.0)
    sinatra (1.4.6)
      rack (~> 1.4)
      rack-protection (~> 1.4)
      tilt (>= 1.3, < 3)
    tilt (2.0.1)

PLATFORMS
  ruby

DEPENDENCIES
  byebug
  config_env
  koala
  rake
  shotgun
  sinatra

BUNDLED WITH
   1.12.3
